GEM
  remote: https://rubygems.org/
  specs:
    ast (2.1.0)
    astrolabe (1.3.1)
      parser (~> 2.2)
    atk (2.2.5)
      glib2 (= 2.2.5)
    byebug (6.0.2)
    cairo (1.14.2)
      pkg-config (>= 1.1.5)
    cairo-gobject (2.2.5)
      cairo
      glib2 (= 2.2.5)
    gdk3 (2.2.5)
      cairo-gobject (= 2.2.5)
      gdk_pixbuf2 (= 2.2.5)
      gobject-introspection (= 2.2.5)
      pango (= 2.2.5)
    gdk_pixbuf2 (2.2.5)
      glib2 (= 2.2.5)
    gio2 (2.2.5)
      glib2 (= 2.2.5)
      gobject-introspection (= 2.2.5)
    glib2 (2.2.5)
      pkg-config
    gobject-introspection (2.2.5)
      glib2 (= 2.2.5)
    gtk3 (2.2.5)
      atk (= 2.2.5)
      gdk3 (= 2.2.5)
      gdk_pixbuf2 (= 2.2.5)
      gio2 (= 2.2.5)
      glib2 (= 2.2.5)
      pango (= 2.2.5)
    pango (2.2.5)
      cairo (>= 1.14.0)
      glib2 (= 2.2.5)
    parser (2.2.2.6)
      ast (>= 1.1, < 3.0)
    pkg-config (1.1.6)
    powerpack (0.1.1)
    rainbow (2.0.0)
    rubocop (0.34.0)
      astrolabe (~> 1.3)
      parser (>= 2.2.2.5, < 3.0)
      powerpack (~> 0.1)
      rainbow (>= 1.99.1, < 3.0)
      ruby-progressbar (~> 1.4)
    ruby-progressbar (1.7.5)

PLATFORMS
  ruby

DEPENDENCIES
  byebug
  gtk3
  rubocop

BUNDLED WITH
   1.10.6
